FRAMEWORK: NET452
NUGET
  remote: https://api.nuget.org/v3/index.json
    Akka (1.1.3)
      Newtonsoft.Json (>= 9.0.1)
      System.Collections.Immutable (>= 1.1.36)
    ConfigJson (3.0.2)
    FAKE (4.57.4)
    FsCheck (2.6.2)
      FSharp.Core (>= 3.1.2.5)
    FsCheck.Xunit (2.6.2)
      FsCheck (>= 2.6.2)
      xunit.extensibility.execution (>= 2.1 < 3.0)
    FSharp.Core (4.0.1.7-alpha)
    Newtonsoft.Json (9.0.1)
    System.Collections.Immutable (1.1.36)
    xunit (2.2.0-beta3-build3402)
      xunit.assert (2.2.0-beta3-build3402)
      xunit.core (2.2.0-beta3-build3402)
    xunit.abstractions (2.0.1)
    xunit.assert (2.2.0-beta3-build3402)
    xunit.core (2.2.0-beta3-build3402)
      xunit.extensibility.core (2.2.0-beta3-build3402)
      xunit.extensibility.execution (2.2.0-beta3-build3402)
    xunit.extensibility.core (2.2.0-beta3-build3402)
    xunit.extensibility.execution (2.2.0-beta3-build3402)
    xunit.runner.console (2.2)
