FRAMEWORK: >= NET452
NUGET
  remote: https://api.nuget.org/v3/index.json
    Akka (1.1.3)
      Newtonsoft.Json (>= 9.0.1)
      System.Collections.Immutable (>= 1.1.36)
    AkkaAskSync (1.1.3-pre)
      Akka (>= 1.1.3)
    Newtonsoft.Json (9.0.1)
    System.Collections.Immutable (1.1.36)
